PATH
  remote: ..
  specs:
    startback (0.6.0)
      bmg (>= 0.16.4, < 0.17.0)
      bunny (>= 2.14, < 3.0)
      finitio (>= 0.8, < 0.9)
      http (>= 4.4, < 5.0)
      i18n (>= 1.0, < 2.0)
      jwt (>= 2.1, < 3.0)
      mustache (>= 1.0, < 2.0)
      nokogiri (>= 1.0, < 2.0)
      path (>= 2.0, < 3.0)
      puma (>= 4.3, < 5.0)
      rack-robustness (>= 1.0, < 2.0)
      sinatra (>= 2.0, < 3.0)
      tzinfo (>= 1.2, < 2.0)
      tzinfo-data

GEM
  remote: https://rubygems.org/
  specs:
    addressable (2.7.0)
      public_suffix (>= 2.0.2, < 5.0)
    amq-protocol (2.3.1)
    bmg (0.16.6)
      predicate (~> 2.2, >= 2.2.1)
    bunny (2.15.0)
      amq-protocol (~> 2.3, >= 2.3.1)
    citrus (3.0.2)
    concurrent-ruby (1.1.6)
    diff-lcs (1.3)
    domain_name (0.5.20190701)
      unf (>= 0.0.5, < 1.0.0)
    ffi (1.12.2)
    ffi-compiler (1.0.1)
      ffi (>= 1.0.0)
      rake
    finitio (0.8.0)
      citrus (>= 2.4, < 4.0)
    hansi (0.2.0)
    http (4.4.1)
      addressable (~> 2.3)
      http-cookie (~> 1.0)
      http-form_data (~> 2.2)
      http-parser (~> 1.2.0)
    http-cookie (1.0.3)
      domain_name (~> 0.5)
    http-form_data (2.3.0)
    http-parser (1.2.1)
      ffi-compiler (>= 1.0, < 2.0)
    i18n (1.8.2)
      concurrent-ruby (~> 1.0)
    jwt (2.2.1)
    mini_portile2 (2.4.0)
    mustache (1.1.1)
    mustermann (1.1.1)
      ruby2_keywords (~> 0.0.1)
    mustermann-contrib (1.1.1)
      hansi (~> 0.2.0)
      mustermann (= 1.1.1)
    nio4r (2.5.2)
    nokogiri (1.10.9)
      mini_portile2 (~> 2.4.0)
    path (2.0.1)
    predicate (2.3.1)
      sexpr (~> 0.6.0)
    public_suffix (4.0.4)
    puma (4.3.3)
      nio4r (~> 2.0)
    rack (2.2.2)
    rack-protection (2.0.8.1)
      rack
    rack-robustness (1.1.0)
    rack-test (0.6.3)
      rack (>= 1.0)
    rake (12.3.3)
    rspec (3.9.0)
      rspec-core (~> 3.9.0)
      rspec-expectations (~> 3.9.0)
      rspec-mocks (~> 3.9.0)
    rspec-core (3.9.1)
      rspec-support (~> 3.9.1)
    rspec-expectations (3.9.1)
      diff-lcs (>= 1.2.0, < 2.0)
      rspec-support (~> 3.9.0)
    rspec-mocks (3.9.1)
      diff-lcs (>= 1.2.0, < 2.0)
      rspec-support (~> 3.9.0)
    rspec-support (3.9.2)
    rspec_junit_formatter (0.4.1)
      rspec-core (>= 2, < 4, != 2.12.0)
    ruby2_keywords (0.0.2)
    sexpr (0.6.0)
    sinatra (2.0.8.1)
      mustermann (~> 1.0)
      rack (~> 2.0)
      rack-protection (= 2.0.8.1)
      tilt (~> 2.0)
    thread_safe (0.3.6)
    tilt (2.0.10)
    tzinfo (1.2.7)
      thread_safe (~> 0.1)
    tzinfo-data (1.2020.1)
      tzinfo (>= 1.0.0)
    unf (0.1.4)
      unf_ext
    unf_ext (0.0.7.7)
    webspicy (0.15.2)
      finitio (>= 0.8.0)
      http (>= 2)
      mustermann (~> 1.0)
      mustermann-contrib
      path (>= 1.3)
      rack-robustness (~> 1.1, >= 1.1.0)
      rack-test (~> 0.6.3)
      rspec (~> 3.7)
      rspec_junit_formatter (~> 0.4.1)

PLATFORMS
  ruby

DEPENDENCIES
  rake (~> 12.0)
  startback!
  webspicy (~> 0.12)

BUNDLED WITH
   2.1.2
