PATH
  remote: .
  specs:
    startback (0.2.0)
      finitio (~> 0.6)
      path (>= 1.3)
      rack-robustness (~> 1.1)
      rack-test
      sinatra (~> 2.0)

GEM
  remote: https://rubygems.org/
  specs:
    citrus (3.0.2)
    diff-lcs (1.3)
    finitio (0.6.1)
      citrus (>= 2.4, < 4.0)
    mustermann (1.0.3)
    path (2.0.1)
    rack (2.0.5)
    rack-protection (2.0.3)
      rack
    rack-robustness (1.1.0)
    rack-test (1.1.0)
      rack (>= 1.0, < 3)
    rake (12.3.1)
    rspec (3.8.0)
      rspec-core (~> 3.8.0)
      rspec-expectations (~> 3.8.0)
      rspec-mocks (~> 3.8.0)
    rspec-core (3.8.0)
      rspec-support (~> 3.8.0)
    rspec-expectations (3.8.1)
      diff-lcs (>= 1.2.0, < 2.0)
      rspec-support (~> 3.8.0)
    rspec-mocks (3.8.0)
      diff-lcs (>= 1.2.0, < 2.0)
      rspec-support (~> 3.8.0)
    rspec-support (3.8.0)
    sinatra (2.0.3)
      mustermann (~> 1.0)
      rack (~> 2.0)
      rack-protection (= 2.0.3)
      tilt (~> 2.0)
    tilt (2.0.8)

PLATFORMS
  ruby

DEPENDENCIES
  rake
  rspec
  startback!

BUNDLED WITH
   1.16.0
